PATH
  remote: .
  specs:
    auto_type_doc (0.1.1)

GEM
  remote: https://rubygems.org/
  specs:
    byebug (10.0.2)
    coderay (1.1.2)
    method_source (0.9.0)
    minitest (5.11.3)
    pry (0.11.3)
      coderay (~> 1.1.0)
      method_source (~> 0.9.0)
    pry-byebug (3.6.0)
      byebug (~> 10.0)
      pry (~> 0.10)
    pry-doc (0.13.4)
      pry (~> 0.11)
      yard (~> 0.9.11)
    rake (10.5.0)
    yard (0.9.12)

PLATFORMS
  ruby

DEPENDENCIES
  auto_type_doc!
  bundler (~> 1.16)
  minitest (~> 5.0)
  pry
  pry-byebug
  pry-doc
  rake (~> 10.0)

BUNDLED WITH
   1.16.1
